GEM
  remote: http://rubygems.org/
  specs:
    activesupport (3.1.3)
      multi_json (~> 1.0)
    multi_json (1.0.4)
    simple-navigation (3.5.1)
      activesupport (>= 2.3.2)
    sinatra-simple-navigation (3.3.4)
      simple-navigation (>= 3.3.3)

PLATFORMS
  ruby

DEPENDENCIES
  sinatra-simple-navigation (= 3.3.4)
